GIT
  remote: https://github.com/outcomesinsights/conceptql.git
  revision: 465733fa69f18269eb0e3329556c35c5bc436768
  branch: main
  specs:
    conceptql (0.3.0)
      activesupport (>= 6)
      bigdecimal
      json
      sequel (~> 5.66)
      sequelizer (~> 0.1.3)
      thor (~> 1.0)

GIT
  remote: https://github.com/outcomesinsights/sequelizer.git
  revision: 19289f88c415f0a4d675b083812d8605fcb1d838
  branch: glue
  specs:
    sequelizer (0.1.3)
      dotenv (~> 2.1)
      hashie (~> 3.2)
      sequel (~> 5.0)
      thor (~> 1.0)

GEM
  remote: https://rubygems.org/
  specs:
    activesupport (7.0.4.2)
      concurrent-ruby (~> 1.0, >= 1.0.2)
      i18n (>= 1.6, < 2)
      minitest (>= 5.1)
      tzinfo (~> 2.0)
    bigdecimal (3.1.4)
    byebug (11.1.3)
    coderay (1.1.3)
    concurrent-ruby (1.2.2)
    dotenv (2.8.1)
    facets (3.1.0)
    hashie (3.6.0)
    i18n (1.12.0)
      concurrent-ruby (~> 1.0)
    json (2.6.3)
    method_source (1.0.0)
    minitest (5.18.0)
    pg (1.4.6)
    pry (0.14.2)
      coderay (~> 1.1)
      method_source (~> 1.0)
    pry-byebug (3.10.1)
      byebug (~> 11.0)
      pry (>= 0.13, < 0.15)
    rexml (3.2.5)
    ruby-graphviz (1.2.5)
      rexml
    sequel (5.66.0)
    thor (1.2.1)
    tzinfo (2.0.6)
      concurrent-ruby (~> 1.0)

PLATFORMS
  ruby

DEPENDENCIES
  conceptql!
  facets (~> 3.1)
  pg (~> 1.4)
  pry-byebug (~> 3.10)
  ruby-graphviz (~> 1.2)
  sequelizer!

BUNDLED WITH
   2.4.7
