GIT
  remote: git://github.com/outcomesinsights/conceptql.git
  revision: 3eda8fb97a971d14f5b0c43d79926fa2f32e1d9e
  branch: master
  specs:
    conceptql (0.3.0)
      sequelizer (~> 0.1)
      thor (~> 0.19)

GIT
  remote: git://github.com/outcomesinsights/sequelizer.git
  revision: 4aef64f4bd3ebe73f67cb7702d3a127150ed947a
  branch: master
  specs:
    sequelizer (0.1.0)
      dotenv (~> 2.1)
      hashie (~> 3.2)
      sequel (~> 4.12)
      thor (~> 0.19)

GEM
  remote: https://rubygems.org/
  specs:
    dotenv (2.2.1)
    hashie (3.5.7)
    pg (0.18.4)
    sequel (4.49.0)
    thor (0.20.0)

PLATFORMS
  ruby

DEPENDENCIES
  conceptql!
  pg
  sequelizer!

BUNDLED WITH
   1.14.5
