PATH
  remote: ../gems4jigsaw/conceptql
  specs:
    conceptql (0.2.0)
      csv2xlsx (~> 0)
      facets (~> 3.0)
      ruby-graphviz (~> 1.2)
      sequelizer (~> 0.0)
      thor (~> 0.19)

PATH
  remote: ../gems4jigsaw/sequelizer
  specs:
    sequelizer (0.0.6)
      dotenv (~> 2.1.1)
      hashie (~> 3.2)
      sequel (~> 4.12)
      thor (~> 0.19)

GEM
  remote: https://rubygems.org/
  specs:
    axlsx (2.0.1)
      htmlentities (~> 4.3.1)
      nokogiri (>= 1.4.1)
      rubyzip (~> 1.0.0)
    csv2xlsx (0.0.1)
      axlsx
    dotenv (2.1.1)
    facets (3.1.0)
    hashie (3.4.4)
    htmlentities (4.3.4)
    mini_portile2 (2.1.0)
    nokogiri (1.6.8)
      mini_portile2 (~> 2.1.0)
      pkg-config (~> 1.1.7)
    pg (0.18.4)
    pkg-config (1.1.7)
    ruby-graphviz (1.2.2)
    rubyzip (1.0.0)
    sequel (4.39.0)
    thor (0.19.1)

PLATFORMS
  ruby

DEPENDENCIES
  conceptql!
  pg
  sequelizer!

BUNDLED WITH
   1.12.5
